GIT
  remote: git://github.com/yipdw/analysand.git
  revision: bc62e67031bf7e813e49538669f7434f2efd9ee9
  specs:
    analysand (4.0.0)
      celluloid (~> 0.16.0)
      celluloid-io
      http_parser.rb
      json
      json-stream
      net-http-persistent (~> 3.0.0)
      rack
      yajl-ruby

GEM
  remote: https://rubygems.org/
  specs:
    celluloid (0.16.0)
      timers (~> 4.0.0)
    celluloid-io (0.16.2)
      celluloid (>= 0.16.0)
      nio4r (>= 1.1.0)
    coderay (1.1.1)
    connection_pool (2.2.1)
    hitimes (1.2.4)
    http_parser.rb (0.6.0)
    json (2.0.2)
    json-stream (0.2.1)
    method_source (0.8.2)
    net-http-persistent (3.0.0)
      connection_pool (~> 2.2)
    nio4r (2.0.0)
    pry (0.10.4)
      coderay (~> 1.1.0)
      method_source (~> 0.8.1)
      slop (~> 3.4)
    rack (2.0.1)
    slop (3.6.0)
    timers (4.0.4)
      hitimes
    yajl-ruby (1.3.0)

PLATFORMS
  ruby

DEPENDENCIES
  analysand!
  pry

BUNDLED WITH
   1.12.5
